GEM
  remote: http://rubygems.org/
  specs:
    activesupport (2.3.8)
    builder (2.1.2)
    domain_name (0.5.20190701)
      unf (>= 0.0.5, < 1.0.0)
    fakeweb (1.2.8)
    gemcutter (0.6.1)
    git (1.2.5)
    happymapper (0.3.2)
      libxml-ruby (~> 1.1.3)
    http-cookie (1.0.3)
      domain_name (~> 0.5)
    jeweler (1.4.0)
      gemcutter (>= 0.1.0)
      git (>= 1.2.5)
      rubyforge (>= 2.0.0)
    json_pure (1.4.5)
    libxml-ruby (1.1.4)
    mime-types (2.99.3)
    netrc (0.11.0)
    nokogiri (1.4.3.1)
    rake (0.8.7)
    rest-client (1.8.0)
      http-cookie (>= 1.0.2, < 2.0)
      mime-types (>= 1.16, < 3.0)
      netrc (~> 0.7)
    rspec (1.3.0)
    rubyforge (2.0.4)
      json_pure (>= 1.1.7)
    stale_fish (1.3.0)
      activesupport
      fakeweb
    unf (0.1.4)
      unf_ext
    unf_ext (0.0.7.7)

PLATFORMS
  ruby

DEPENDENCIES
  builder
  happymapper (>= 0.3.2)
  jeweler
  nokogiri (~> 1.4.3.1)
  rake
  rest-client (~> 1.8.0)
  rspec (~> 1.3.0)
  stale_fish (~> 1.3.0)
